PATH
  remote: .
  specs:
    yome (0.1.0)
      thor

GEM
  remote: https://rubygems.org/
  specs:
    minitest (5.11.3)
    rake (10.5.0)
    thor (0.20.0)

PLATFORMS
  x64-mingw32

DEPENDENCIES
  bundler (~> 1.16)
  minitest (~> 5.0)
  rake (~> 10.0)
  yome!

BUNDLED WITH
   1.16.1
